PATH
  remote: .
  specs:
    simple_pomo (0.1.0)
      terminal-notifier (~> 1.4)

GEM
  remote: https://rubygems.org/
  specs:
    minitest (5.10.1)
    rake (10.4.2)
    terminal-notifier (1.8.0)

PLATFORMS
  ruby

DEPENDENCIES
  bundler (~> 1.16)
  minitest (~> 5.0)
  rake (~> 10.0)
  simple_pomo!

BUNDLED WITH
   1.16.0
